GEM
  remote: https://rubygems.org/
  specs:
    rack (2.0.9.3)
    webrick (1.8.1)

PLATFORMS
  arm64-darwin-21
  arm64-darwin-22

DEPENDENCIES
  rack
  webrick

BUNDLED WITH
   2.4.12
